GEM
  remote: http://rubygems.org/
  specs:
    daemons (1.2.3)
    eventmachine (1.0.8)
    mail (2.6.3)
      mime-types (>= 1.16, < 3)
    mime-types (2.6.1)
    pony (1.11)
      mail (>= 2.0)
    rack (1.6.4)
    rack-protection (1.5.3)
      rack
    sinatra (1.4.6)
      rack (~> 1.4)
      rack-protection (~> 1.4)
      tilt (>= 1.3, < 3)
    thin (1.6.3)
      daemons (~> 1.0, >= 1.0.9)
      eventmachine (~> 1.0)
      rack (~> 1.0)
    tilt (2.0.1)
    web (0.1.0)

PLATFORMS
  ruby
  x64-mingw32

DEPENDENCIES
  pony
  sinatra
  thin
  web

RUBY VERSION
   ruby 2.3.2p217

BUNDLED WITH
   1.13.6
